PATH
  remote: .
  specs:
    rejectu (0.1.0)

GEM
  remote: https://rubygems.org/
  specs:
    power_assert (0.2.4)
    rake (13.0.6)
    rake-compiler (0.9.2)
      rake
    test-unit (3.1.4)
      power_assert

PLATFORMS
  ruby

DEPENDENCIES
  rake-compiler (~> 0.9)
  rejectu!
  test-unit (~> 3.1)

BUNDLED WITH
   2.2.22
